GEM
  remote: https://rubygems.org/
  specs:
    coderay (1.1.1)
    haml (4.0.7)
      tilt
    method_source (0.8.2)
    pry (0.10.3)
      coderay (~> 1.1.0)
      method_source (~> 0.8.1)
      slop (~> 3.4)
    rack (1.6.4)
    rack-protection (1.5.3)
      rack
    sinatra (1.4.7)
      rack (~> 1.5)
      rack-protection (~> 1.4)
      tilt (>= 1.3, < 3)
    slop (3.6.0)
    sqlite3 (1.3.11)
    tilt (2.0.2)

PLATFORMS
  ruby

DEPENDENCIES
  haml (~> 4.0, >= 4.0.7)
  pry
  sinatra
  sqlite3 (~> 1.3, >= 1.3.11)

BUNDLED WITH
   1.11.2
